GEM
  remote: http://rubygems.org/
  specs:
    activemodel (3.0.7)
      activesupport (= 3.0.7)
      builder (~> 2.1.2)
      i18n (~> 0.5.0)
    activesupport (3.0.7)
    async_sinatra (0.5.0)
      rack (>= 1.2.1)
      sinatra (>= 1.0)
    bson (1.3.0)
    bson_ext (1.3.0)
    builder (2.1.2)
    cloudq (0.0.8)
      async_sinatra
      bson_ext
      bundler
      eventmachine (>= 1.0.0.beta.3)
      mongo_mapper
      sinatra
      thin
      workflow
    daemons (1.1.2)
    eventmachine (1.0.0.beta.3)
    i18n (0.5.0)
    mongo (1.3.0)
      bson (>= 1.3.0)
    mongo_mapper (0.9.0)
      activemodel (~> 3.0.0)
      activesupport (~> 3.0.0)
      plucky (~> 0.3.6)
    plucky (0.3.8)
      mongo (~> 1.3)
    rack (1.2.2)
    sinatra (1.2.3)
      rack (~> 1.1)
      tilt (< 2.0, >= 1.2.2)
    thin (1.2.11)
      daemons (>= 1.0.9)
      eventmachine (>= 0.12.6)
      rack (>= 1.0.0)
    tilt (1.2.2)
    workflow (0.8.0)

PLATFORMS
  ruby

DEPENDENCIES
  cloudq
  thin
